GEM
  remote: http://rubygems.org/
  specs:
    coderay (1.1.0)
    daemons (1.1.9)
    deckrb (0.5.2)
      coderay
      erector (>= 0.9.0)
      json
      nokogiri
      rack (>= 1.4.1)
      rack-codehighlighter
      redcarpet (~> 2)
      thin
      trollop
    erector (0.10.0)
      treetop (>= 1.2.3)
    eventmachine (1.0.3)
    json (1.8.1)
    mini_portile (0.6.1)
    nokogiri (1.6.4.1)
      mini_portile (~> 0.6.0)
    polyglot (0.3.5)
    rack (1.5.2)
    rack-codehighlighter (0.5.0)
      nokogiri (>= 1.4.1)
      rack (>= 1.0.0)
    redcarpet (2.3.0)
    thin (1.6.3)
      daemons (~> 1.0, >= 1.0.9)
      eventmachine (~> 1.0)
      rack (~> 1.0)
    treetop (1.5.3)
      polyglot (~> 0.3)
    trollop (2.0)

PLATFORMS
  ruby

DEPENDENCIES
  deckrb
